GEM
  specs:
    diff-lcs (1.1.3)
    haml (3.1.6)
    rack (1.4.3)
    rack-test (0.6.2)
      rack (>= 1.0)
    rr (1.0.4)
    rspec (2.11.0)
      rspec-core (~> 2.11.0)
      rspec-expectations (~> 2.11.0)
      rspec-mocks (~> 2.11.0)
    rspec-core (2.11.1)
    rspec-expectations (2.11.2)
      diff-lcs (~> 1.1.3)
    rspec-mocks (2.11.2)
    sinatra (1.0)
      rack (>= 1.0)

PLATFORMS
  ruby

DEPENDENCIES
  haml
  rack-test
  rr
  rspec
  sinatra
